PATH
  remote: .
  specs:
    rspec-puppet-yaml (0.1.0)
      deep_merge (~> 1.1)
      rspec-puppet (~> 2.6)

GEM
  remote: https://rubygems.org/
  specs:
    deep_merge (1.1.1)
    diff-lcs (1.3)
    rake (10.5.0)
    rspec (3.6.0)
      rspec-core (~> 3.6.0)
      rspec-expectations (~> 3.6.0)
      rspec-mocks (~> 3.6.0)
    rspec-core (3.6.0)
      rspec-support (~> 3.6.0)
    rspec-expectations (3.6.0)
      diff-lcs (>= 1.2.0, < 2.0)
      rspec-support (~> 3.6.0)
    rspec-mocks (3.6.0)
      diff-lcs (>= 1.2.0, < 2.0)
      rspec-support (~> 3.6.0)
    rspec-puppet (2.6.8)
      rspec
    rspec-support (3.6.0)
    yard (0.9.9)

PLATFORMS
  ruby

DEPENDENCIES
  bundler (~> 1.15)
  rake (~> 10.0)
  rspec-puppet-yaml!
  yard (~> 0.9)

BUNDLED WITH
   1.15.4
