PATH
  remote: .
  specs:
    rspec-puppet-yaml (0.1.1)
      deep_merge (~> 1.1)
      rspec-puppet (~> 2.6)

GEM
  remote: https://rubygems.org/
  specs:
    deep_merge (1.1.1)
    diff-lcs (1.3)
    facter (2.5.0)
    facterdb (0.3.12)
      facter
      jgrep
    fast_gettext (1.1.0)
    gettext (3.2.4)
      locale (>= 2.0.5)
      text (>= 1.3.0)
    gettext-setup (0.26)
      fast_gettext (~> 1.1.0)
      gettext (>= 3.0.2)
      locale
    hiera (3.4.0)
    jgrep (1.5.0)
    json (2.1.0)
    locale (2.1.2)
    mcollective-client (2.11.2)
      json
      stomp
      systemu
    metaclass (0.0.4)
    mocha (1.1.0)
      metaclass (~> 0.0.1)
    puppet (5.1.0)
      facter (> 2.0, < 4)
      gettext-setup (>= 0.10, < 1)
      hiera (>= 3.2.1, < 4)
      locale (~> 2.1)
    puppet-lint (2.3.0)
    puppet-strings (1.1.0)
      yard (~> 0.9.5)
    puppet-syntax (2.4.1)
      rake
    puppetlabs_spec_helper (2.3.2)
      mocha (~> 1.0)
      puppet-lint (~> 2.0)
      puppet-syntax (~> 2.0)
      rspec-puppet (~> 2.0)
    rake (12.0.0)
    rspec (3.6.0)
      rspec-core (~> 3.6.0)
      rspec-expectations (~> 3.6.0)
      rspec-mocks (~> 3.6.0)
    rspec-core (3.6.0)
      rspec-support (~> 3.6.0)
    rspec-expectations (3.6.0)
      diff-lcs (>= 1.2.0, < 2.0)
      rspec-support (~> 3.6.0)
    rspec-mocks (3.6.0)
      diff-lcs (>= 1.2.0, < 2.0)
      rspec-support (~> 3.6.0)
    rspec-puppet (2.6.8)
      rspec
    rspec-puppet-facts (1.8.0)
      facter
      facterdb (>= 0.3.0)
      json
      mcollective-client
      puppet
    rspec-support (3.6.0)
    stomp (1.4.4)
    systemu (2.6.5)
    text (1.3.1)
    yard (0.9.25)

PLATFORMS
  ruby

DEPENDENCIES
  bundler (~> 1.15)
  json (~> 2.1)
  puppet (~> 5)
  puppet-strings (~> 1)
  puppetlabs_spec_helper (~> 2.3)
  rake (~> 12.0)
  rspec-puppet-facts (~> 1.8)
  rspec-puppet-yaml!
  yard (~> 0.9)

BUNDLED WITH
   1.15.4
