PATH
  remote: .
  specs:
    rspec-puppet-yaml (0.1.1)
      deep_merge (~> 1.1)
      rspec-puppet (~> 2.6)

GEM
  remote: https://rubygems.org/
  specs:
    concurrent-ruby (1.1.8)
    deep_merge (1.1.1)
    diff-lcs (1.3)
    facter (4.0.52)
      hocon (~> 1.3)
      thor (>= 1.0.1, < 2.0)
    facterdb (0.3.12)
      facter
      jgrep
    fast_gettext (1.8.0)
    hiera (3.7.0)
    hocon (1.3.1)
    jgrep (1.5.0)
    json (2.1.0)
    locale (2.1.3)
    mcollective-client (2.11.2)
      json
      stomp
      systemu
    metaclass (0.0.4)
    mocha (1.1.0)
      metaclass (~> 0.0.1)
    multi_json (1.15.0)
    puppet (7.5.0)
      concurrent-ruby (~> 1.0)
      deep_merge (~> 1.0)
      facter (> 2.0.1, < 5)
      fast_gettext (~> 1.1)
      hiera (>= 3.2.1, < 4)
      locale (~> 2.1)
      multi_json (~> 1.10)
      puppet-resource_api (~> 1.5)
      scanf (~> 1.0)
      semantic_puppet (~> 1.0)
    puppet-lint (2.3.0)
    puppet-resource_api (1.8.13)
      hocon (>= 1.0)
    puppet-strings (1.1.0)
      yard (~> 0.9.5)
    puppet-syntax (2.4.1)
      rake
    puppetlabs_spec_helper (2.3.2)
      mocha (~> 1.0)
      puppet-lint (~> 2.0)
      puppet-syntax (~> 2.0)
      rspec-puppet (~> 2.0)
    rake (12.0.0)
    rspec (3.6.0)
      rspec-core (~> 3.6.0)
      rspec-expectations (~> 3.6.0)
      rspec-mocks (~> 3.6.0)
    rspec-core (3.6.0)
      rspec-support (~> 3.6.0)
    rspec-expectations (3.6.0)
      diff-lcs (>= 1.2.0, < 2.0)
      rspec-support (~> 3.6.0)
    rspec-mocks (3.6.0)
      diff-lcs (>= 1.2.0, < 2.0)
      rspec-support (~> 3.6.0)
    rspec-puppet (2.6.8)
      rspec
    rspec-puppet-facts (1.8.0)
      facter
      facterdb (>= 0.3.0)
      json
      mcollective-client
      puppet
    rspec-support (3.6.0)
    scanf (1.0.0)
    semantic_puppet (1.0.3)
    stomp (1.4.4)
    systemu (2.6.5)
    thor (1.1.0)
    yard (0.9.9)

PLATFORMS
  ruby

DEPENDENCIES
  bundler (~> 1.15)
  json (~> 2.1)
  puppet (~> 7)
  puppet-strings (~> 1)
  puppetlabs_spec_helper (~> 2.3)
  rake (~> 12.0)
  rspec-puppet-facts (~> 1.8)
  rspec-puppet-yaml!
  yard (~> 0.9)

BUNDLED WITH
   1.15.4
